GEM
  remote: https://rubygems.org/
  specs:
    json (2.2.0-java)
    nokogiri (1.10.3-java)

PLATFORMS
  java

DEPENDENCIES
  json (~> 2.2.0)
  nokogiri (~> 1.10.3)

BUNDLED WITH
   2.0.2
