GEM
  remote: https://rubygems.org/
  specs:
    json (2.3.0)
    json (2.3.0-java)
    mini_portile2 (2.4.0)
    nokogiri (1.10.10)
      mini_portile2 (~> 2.4.0)
    nokogiri (1.10.10-java)

PLATFORMS
  java
  ruby

DEPENDENCIES
  json (~> 2.3.0)
  nokogiri (~> 1.10.10)

BUNDLED WITH
   2.0.2
