GEM
  remote: https://rubygems.org/
  specs:
    json (2.3.0)
    json (2.3.0-java)
    mini_portile2 (2.8.1)
    nokogiri (1.14.3)
      mini_portile2 (~> 2.8.0)
      racc (~> 1.4)
    nokogiri (1.14.3-java)
      racc (~> 1.4)
    racc (1.6.2)
    racc (1.6.2-java)

PLATFORMS
  java
  ruby

DEPENDENCIES
  json (~> 2.3.0)
  nokogiri (~> 1.14.3)

BUNDLED WITH
   2.0.2
