GEM
  remote: https://rubygems.org/
  specs:
    json (2.3.0)
    json (2.3.0-java)
    mini_portile2 (2.6.1)
    nokogiri (1.12.5)
      mini_portile2 (~> 2.6.1)
      racc (~> 1.4)
    nokogiri (1.12.5-java)
      racc (~> 1.4)
    racc (1.5.2)
    racc (1.5.2-java)

PLATFORMS
  java
  ruby

DEPENDENCIES
  json (~> 2.3.0)
  nokogiri (~> 1.12.5)

BUNDLED WITH
   2.0.2
