GEM
  remote: https://rubygems.org/
  specs:
    json (2.3.0)
    json (2.3.0-java)
    mini_portile2 (2.8.0)
    nokogiri (1.13.4)
      mini_portile2 (~> 2.8.0)
      racc (~> 1.4)
    nokogiri (1.13.4-java)
      racc (~> 1.4)
    racc (1.6.0)
    racc (1.6.0-java)

PLATFORMS
  java
  ruby

DEPENDENCIES
  json (~> 2.3.0)
  nokogiri (~> 1.13.4)

BUNDLED WITH
   2.0.2
